GEM
  remote: https://rubygems.org/
  specs:
    benchmark-ips (2.7.2)
    byebug (10.0.2)

PLATFORMS
  ruby

DEPENDENCIES
  benchmark-ips
  byebug

BUNDLED WITH
   1.14.6
